GEM
  remote: https://rubygems.org/
  specs:
    adsf (1.2.0)
      rack (>= 1.0.0)
    ansi (1.5.0)
    builder (3.2.2)
    colored (1.2)
    configure-s3-website (1.7.1)
      deep_merge (= 1.0.0)
    cri (2.7.0)
      colored (~> 1.2)
    deep_merge (1.0.0)
    dotenv (1.0.2)
    kramdown (1.7.0)
    mime-types (2.6.1)
    mini_portile (0.6.2)
    minitest (5.8.3)
    minitest-reporters (1.1.7)
      ansi
      builder
      minitest (>= 5.0)
      ruby-progressbar
    nanoc (3.8.0)
      cri (~> 2.3)
    nokogiri (1.6.6.2)
      mini_portile (~> 0.6.0)
    posix-spawn (0.3.11)
    pygments.rb (0.6.3)
      posix-spawn (~> 0.3.6)
      yajl-ruby (~> 1.2.0)
    rack (1.6.1)
    rake (10.4.2)
    ruby-progressbar (1.7.5)
    s3_website (2.10.0)
      colored (= 1.2)
      configure-s3-website (= 1.7.1)
      dotenv (~> 1.0)
      thor (~> 0.18)
    sass (3.4.14)
    systemu (2.6.5)
    thor (0.19.1)
    yajl-ruby (1.2.1)

PLATFORMS
  ruby

DEPENDENCIES
  adsf
  builder
  kramdown
  mime-types
  minitest
  minitest-reporters
  nanoc (~> 3.8.0)
  nokogiri
  pygments.rb
  rake
  s3_website
  sass
  systemu
